GEM
  remote: https://rubygems.org/
  specs:
    addressable (2.3.6)
    bot (0.0.4)
      cinch
      commander
      heroku
    cinch (2.1.0)
    commander (4.2.0)
      highline (~> 1.6.11)
    excon (0.33.0)
    heroku (3.7.3)
      heroku-api (~> 0.3.17)
      launchy (>= 0.3.2)
      netrc (~> 0.7.7)
      rest-client (~> 1.6.1)
      rqrcode (~> 0.4.2)
      rubyzip
      term-ansicolor (~> 1.3.0)
    heroku-api (0.3.18)
      excon (~> 0.27)
      multi_json (~> 1.8)
    highline (1.6.21)
    launchy (2.4.2)
      addressable (~> 2.3)
    mime-types (2.2)
    multi_json (1.10.0)
    netrc (0.7.7)
    rest-client (1.6.7)
      mime-types (>= 1.16)
    rqrcode (0.4.2)
    rubyzip (1.1.3)
    sqlite3 (1.3.9)
    term-ansicolor (1.3.0)
      tins (~> 1.0)
    tins (1.3.0)

PLATFORMS
  ruby

DEPENDENCIES
  bot
  cinch
  sqlite3
